PATH
  remote: .
  specs:
    openhood (0.2.0)
      openssl

GEM
  remote: https://rubygems.org/
  specs:
    ipaddr (1.2.2)
    minitest (5.11.3)
    openssl (2.1.2)
      ipaddr
    rake (10.5.0)

PLATFORMS
  ruby

DEPENDENCIES
  bundler (~> 2.0)
  minitest (~> 5.0)
  openhood!
  rake (~> 10.0)

BUNDLED WITH
   2.0.1
